GEM
  remote: https://rubygems.org/
  specs:
    rake (10.3.2)
    ruby_motion_query (0.7.0)
    sugarcube (2.0.2)

PLATFORMS
  ruby

DEPENDENCIES
  rake
  ruby_motion_query
  sugarcube
